GEM
  remote: https://rubygems.org/
  specs:
    rugged (0.23.3)

PLATFORMS
  ruby

DEPENDENCIES
  rugged

BUNDLED WITH
   1.10.6
